GIT
  remote: git://github.com/minimagick/minimagick.git
  revision: 6d0f8f953112cce6324a524d76c7e126ee14f392
  ref: 6d0f8f953112cce6324a524d76c7e126ee14f392
  specs:
    mini_magick (3.6.0)
      subexec (~> 0.2.1)

GEM
  remote: https://rubygems.org/
  specs:
    actionmailer (4.0.0)
      actionpack (= 4.0.0)
      mail (~> 2.5.3)
    actionpack (4.0.0)
      activesupport (= 4.0.0)
      builder (~> 3.1.0)
      erubis (~> 2.7.0)
      rack (~> 1.5.2)
      rack-test (~> 0.6.2)
    activemodel (4.0.0)
      activesupport (= 4.0.0)
      builder (~> 3.1.0)
    activerecord (4.0.0)
      activemodel (= 4.0.0)
      activerecord-deprecated_finders (~> 1.0.2)
      activesupport (= 4.0.0)
      arel (~> 4.0.0)
    activerecord-deprecated_finders (1.0.3)
    activesupport (4.0.0)
      i18n (~> 0.6, >= 0.6.4)
      minitest (~> 4.2)
      multi_json (~> 1.3)
      thread_safe (~> 0.1)
      tzinfo (~> 0.3.37)
    addressable (2.3.5)
    arel (4.0.1)
    atomic (1.1.14)
    bcrypt-ruby (3.0.0)
    bcrypt-ruby (3.0.0-x86-mingw32)
    bootstrap-sass (2.2.1.1)
      sass (~> 3.2)
    bootstrap_form (1.0.0)
    builder (3.1.4)
    capybara (2.1.0)
      mime-types (>= 1.16)
      nokogiri (>= 1.3.3)
      rack (>= 1.0.0)
      rack-test (>= 0.5.4)
      xpath (~> 2.0)
    capybara-email (2.2.0)
      capybara (~> 2.1.0)
      mail
    carrierwave (0.9.0)
      activemodel (>= 3.2.0)
      activesupport (>= 3.2.0)
      json (>= 1.7)
    celluloid (0.15.2)
      timers (~> 1.1.0)
    childprocess (0.3.9)
      ffi (~> 1.0, >= 1.0.11)
    coderay (1.0.9)
    coffee-rails (4.0.1)
      coffee-script (>= 2.2.0)
      railties (>= 4.0.0, < 5.0)
    coffee-script (2.2.0)
      coffee-script-source
      execjs
    coffee-script-source (1.6.3)
    connection_pool (1.1.0)
    crack (0.4.1)
      safe_yaml (~> 0.9.0)
    database_cleaner (1.2.0)
    diff-lcs (1.2.4)
    dotenv (0.9.0)
    erubis (2.7.0)
    excon (0.27.6)
    execjs (2.0.2)
    fabrication (2.9.0)
    factory_girl (4.2.0)
      activesupport (>= 3.0.0)
    factory_girl_rails (4.2.1)
      factory_girl (~> 4.2.0)
      railties (>= 3.0.0)
    faker (1.2.0)
      i18n (~> 0.5)
    ffi (1.9.0)
    ffi (1.9.0-x86-mingw32)
    figaro (0.7.0)
      bundler (~> 1.0)
      rails (>= 3, < 5)
    fog (1.16.0)
      builder
      excon (~> 0.27.0)
      formatador (~> 0.2.0)
      mime-types
      multi_json (~> 1.0)
      net-scp (~> 1.1)
      net-ssh (>= 2.1.3)
      nokogiri (~> 1.5)
      ruby-hmac
      unicode (~> 0.4.4)
    foreman (0.63.0)
      dotenv (>= 0.7)
      thor (>= 0.13.6)
    foreman (0.63.0-x86-mingw32)
      dotenv (>= 0.7)
      thor (>= 0.13.6)
      win32console (~> 1.3.0)
    formatador (0.2.4)
    haml (4.0.3)
      tilt
    haml-rails (0.4)
      actionpack (>= 3.1, < 4.1)
      activesupport (>= 3.1, < 4.1)
      haml (>= 3.1, < 4.1)
      railties (>= 3.1, < 4.1)
    hike (1.2.3)
    i18n (0.6.5)
    jquery-rails (3.0.4)
      railties (>= 3.0, < 5.0)
      thor (>= 0.14, < 2.0)
    json (1.8.1)
    kgio (2.8.1)
    launchy (2.3.0)
      addressable (~> 2.3)
    letter_opener (1.1.2)
      launchy (~> 2.2)
    mail (2.5.4)
      mime-types (~> 1.16)
      treetop (~> 1.4.8)
    method_source (0.8.2)
    mime-types (1.25)
    mini_portile (0.5.2)
    minitest (4.7.5)
    multi_json (1.8.2)
    net-scp (1.1.2)
      net-ssh (>= 2.6.5)
    net-ssh (2.7.0)
    newrelic_rpm (3.6.8.168)
    nokogiri (1.6.0)
      mini_portile (~> 0.5.0)
    nokogiri (1.6.0-x86-mingw32)
      mini_portile (~> 0.5.0)
    pg (0.17.0)
    pg (0.17.0-x86-mingw32)
    polyglot (0.3.3)
    pry (0.9.12.2)
      coderay (~> 1.0.5)
      method_source (~> 0.8)
      slop (~> 3.4)
    pry (0.9.12.2-x86-mingw32)
      coderay (~> 1.0.5)
      method_source (~> 0.8)
      slop (~> 3.4)
      win32console (~> 1.3)
    pry-nav (0.2.3)
      pry (~> 0.9.10)
    rack (1.5.2)
    rack-mini-profiler (0.1.31)
      rack (>= 1.1.3)
    rack-protection (1.5.1)
      rack
    rack-test (0.6.2)
      rack (>= 1.0)
    rails (4.0.0)
      actionmailer (= 4.0.0)
      actionpack (= 4.0.0)
      activerecord (= 4.0.0)
      activesupport (= 4.0.0)
      bundler (>= 1.3.0, < 2.0)
      railties (= 4.0.0)
      sprockets-rails (~> 2.0.0)
    rails_12factor (0.0.2)
      rails_serve_static_assets
      rails_stdout_logging
    rails_serve_static_assets (0.0.1)
    rails_stdout_logging (0.0.3)
    railties (4.0.0)
      actionpack (= 4.0.0)
      activesupport (= 4.0.0)
      rake (>= 0.8.7)
      thor (>= 0.18.1, < 2.0)
    raindrops (0.12.0)
    rake (10.1.0)
    redis (3.0.5)
    redis-namespace (1.3.1)
      redis (~> 3.0.0)
    rest-client (1.6.7)
      mime-types (>= 1.16)
    rspec-core (2.14.6)
    rspec-expectations (2.14.3)
      diff-lcs (>= 1.1.3, < 2.0)
    rspec-mocks (2.14.4)
    rspec-rails (2.14.0)
      actionpack (>= 3.0)
      activesupport (>= 3.0)
      railties (>= 3.0)
      rspec-core (~> 2.14.0)
      rspec-expectations (~> 2.14.0)
      rspec-mocks (~> 2.14.0)
    ruby-hmac (0.4.0)
    rubyzip (1.0.0)
    safe_yaml (0.9.7)
    sass (3.2.12)
    sass-rails (4.0.1)
      railties (>= 4.0.0, < 5.0)
      sass (>= 3.1.10)
      sprockets-rails (~> 2.0.0)
    selenium-webdriver (2.37.0)
      childprocess (>= 0.2.5)
      multi_json (~> 1.0)
      rubyzip (~> 1.0.0)
      websocket (~> 1.0.4)
    shoulda-matchers (2.4.0)
      activesupport (>= 3.0.0)
    sidekiq (2.16.0)
      celluloid (>= 0.15.2)
      connection_pool (>= 1.0.0)
      json
      redis (>= 3.0.4)
      redis-namespace (>= 1.3.1)
    sinatra (1.4.4)
      rack (~> 1.4)
      rack-protection (~> 1.4)
      tilt (~> 1.3, >= 1.3.4)
    slim (2.0.2)
      temple (~> 0.6.6)
      tilt (>= 1.3.3, < 2.1)
    slop (3.4.6)
    sprockets (2.10.0)
      hike (~> 1.2)
      multi_json (~> 1.0)
      rack (~> 1.0)
      tilt (~> 1.1, != 1.3.0)
    sprockets-rails (2.0.1)
      actionpack (>= 3.0)
      activesupport (>= 3.0)
      sprockets (~> 2.8)
    sqlite3 (1.3.8)
    sqlite3 (1.3.8-x86-mingw32)
    stripe (1.8.8)
      multi_json (>= 1.0.4, < 2)
      rest-client (~> 1.4)
    subexec (0.2.3)
    temple (0.6.7)
    thor (0.18.1)
    thread_safe (0.1.3)
      atomic
    tilt (1.4.1)
    timers (1.1.0)
    treetop (1.4.15)
      polyglot
      polyglot (>= 0.3.1)
    tzinfo (0.3.38)
    uglifier (2.3.0)
      execjs (>= 0.3.0)
      json (>= 1.8.0)
    unicode (0.4.4)
    unicorn (4.6.3)
      kgio (~> 2.6)
      rack
      raindrops (~> 0.7)
    vcr (2.6.0)
    webmock (1.11.0)
      addressable (>= 2.2.7)
      crack (>= 0.3.2)
    websocket (1.0.7)
    win32console (1.3.2)
    win32console (1.3.2-x86-mingw32)
    xpath (2.0.0)
      nokogiri (~> 1.3)

PLATFORMS
  ruby
  x86-mingw32

DEPENDENCIES
  bcrypt-ruby (= 3.0.0)
  bootstrap-sass (~> 2.2.1.0)
  bootstrap_form
  capybara
  capybara-email
  carrierwave
  coffee-rails
  database_cleaner
  fabrication
  factory_girl_rails
  faker
  figaro
  fog
  foreman
  haml-rails
  jquery-rails
  launchy
  letter_opener
  mini_magick!
  newrelic_rpm
  pg
  pry
  pry-nav
  rack-mini-profiler
  rails (~> 4.0.0)
  rails_12factor
  railties (~> 4.0.0)
  rspec-rails
  sass-rails
  selenium-webdriver
  shoulda-matchers
  sidekiq
  sinatra
  slim
  sqlite3
  stripe
  uglifier (>= 1.0.3)
  unicorn
  vcr
  webmock (= 1.11.0)
